GEM
  remote: https://rubygems.org/
  specs:
    cupsffi (0.1.1)
      ffi
    faraday (0.8.7)
      multipart-post (~> 1.1)
    faraday_middleware (0.9.0)
      faraday (>= 0.7.4, < 0.9)
    ffi (1.8.1)
    hashie (2.0.4)
    instagram (0.10.0)
      faraday (>= 0.7, < 0.9)
      faraday_middleware (~> 0.8)
      hashie (>= 0.4.0)
      multi_json (~> 1.0, >= 1.0.3)
    json (1.7.7)
    multi_json (1.7.3)
    multipart-post (1.2.0)
    pdfkit (0.5.3)
    wkhtmltopdf-binary (0.9.9.1)

PLATFORMS
  ruby

DEPENDENCIES
  cupsffi (~> 0.1.1)
  instagram (~> 0.10.0)
  json (~> 1.7.7)
  pdfkit (~> 0.5.3)
  wkhtmltopdf-binary (~> 0.9.9)
